GEM
  remote: https://rubygems.org/
  specs:
    aws-sdk (1.66.0)
      aws-sdk-v1 (= 1.66.0)
    aws-sdk-v1 (1.66.0)
      json (~> 1.4)
      nokogiri (>= 1.4.4)
    diff-lcs (1.2.5)
    diffy (3.1.0)
    dogapi (1.22.0)
      multi_json
    dogstatsd-ruby (1.6.0)
    interferon (0.0.19)
      aws-sdk (~> 1.35, >= 1.35.1)
      diffy (~> 3.1.0, >= 3.1.0)
      dogapi (~> 1.11, >= 1.11.1)
      dogstatsd-ruby (~> 1.4, >= 1.4.1)
      parallel (~> 1.9, >= 1.9.0)
      tzinfo (~> 1.2.2, >= 1.2.2)
    json (1.8.3)
    mini_portile2 (2.1.0)
    multi_json (1.12.1)
    nokogiri (1.6.8.1)
      mini_portile2 (~> 2.1.0)
    parallel (1.9.0)
    polyglot (0.3.5)
    rake (11.2.2)
    rspec (3.5.0)
      rspec-core (~> 3.5.0)
      rspec-expectations (~> 3.5.0)
      rspec-mocks (~> 3.5.0)
    rspec-core (3.5.1)
      rspec-support (~> 3.5.0)
    rspec-expectations (3.5.0)
      diff-lcs (>= 1.2.0, < 2.0)
      rspec-support (~> 3.5.0)
    rspec-mocks (3.5.0)
      diff-lcs (>= 1.2.0, < 2.0)
      rspec-support (~> 3.5.0)
    rspec-support (3.5.0)
    thread_safe (0.3.6)
    treetop (1.6.5)
      polyglot (~> 0.3)
    tzinfo (1.2.10)
      thread_safe (~> 0.1)

PLATFORMS
  ruby

DEPENDENCIES
  interferon (= 0.0.19)
  rake
  rspec (~> 3.2)
  treetop (= 1.6.5)

BUNDLED WITH
   1.13.1
